GEM
  remote: https://rubygems.org/
  specs:
    bubble-wrap (1.7.0)
      bubble-wrap-http (= 1.7.0)
    bubble-wrap-http (1.7.0)
    motion-yaml (1.2)
    rake (10.3.2)

PLATFORMS
  ruby

DEPENDENCIES
  bubble-wrap
  motion-yaml
  rake
